GEM
  remote: https://rubygems.org/
  specs:
    connection_pool (2.5.4)
    redis (5.4.1)
      redis-client (>= 0.22.0)
    redis-client (0.26.0)
      connection_pool

PLATFORMS
  x86_64-linux

DEPENDENCIES
  redis (~> 5.0)

BUNDLED WITH
   2.4.19
